PATH
  remote: ../gems/emoji
  specs:
    emoji (1.0.7)
      json

GEM
  remote: https://rubygems.org/
  specs:
    coderay (1.1.2)
    json (2.1.0)
    method_source (0.9.0)
    pry (0.11.3)
      coderay (~> 1.1.0)
      method_source (~> 0.9.0)

PLATFORMS
  ruby

DEPENDENCIES
  emoji!
  pry

BUNDLED WITH
   1.16.2
